PATH
  remote: .
  specs:
    iso_bsd-i18n (0.1.0)
      bundler (~> 1.2)
      i18n-spec
      rspec (>= 1.3.0)

GEM
  remote: http://rubygems.org/
  specs:
    diff-lcs (1.1.3)
    i18n (0.6.1)
    i18n-spec (0.2.4)
      iso
    iso (0.0.5)
      i18n
    rake (0.9.2.2)
    rspec (2.8.0)
      rspec-core (~> 2.8.0)
      rspec-expectations (~> 2.8.0)
      rspec-mocks (~> 2.8.0)
    rspec-core (2.8.0)
    rspec-expectations (2.8.0)
      diff-lcs (~> 1.1.2)
    rspec-mocks (2.8.0)

PLATFORMS
  ruby

DEPENDENCIES
  bundler (~> 1.2)
  i18n-spec
  iso_bsd-i18n!
  rake
  rspec (>= 1.3.0)
