PATH
  remote: .
  specs:
    iso_bsd-i18n (0.1.0)
      bundler (~> 1.2)
      i18n
      i18n-spec
      json
      rspec (>= 1.3.0)

GEM
  remote: http://rubygems.org/
  specs:
    diff-lcs (1.1.3)
    i18n (0.6.1)
    i18n-spec (0.2.4)
      iso
    iso (0.0.5)
      i18n
    json (1.7.5)
    rake (0.9.2.2)
    rspec (2.11.0)
      rspec-core (~> 2.11.0)
      rspec-expectations (~> 2.11.0)
      rspec-mocks (~> 2.11.0)
    rspec-core (2.11.1)
    rspec-expectations (2.11.3)
      diff-lcs (~> 1.1.3)
    rspec-mocks (2.11.3)

PLATFORMS
  ruby

DEPENDENCIES
  bundler (~> 1.2)
  i18n
  i18n-spec
  iso_bsd-i18n!
  json
  rake
  rspec (>= 1.3.0)
